GIT
  remote: git://github.com/backupify/filter_io.git
  revision: d8a1cb62a1314efffe01cfe6383922ef600f4149
  specs:
    filter_io (0.1.6)
      activesupport

GIT
  remote: git@github.com:backupify/cassandra_datum.git
  revision: b4dbbccf82724bc69011b8c2d4696d7fe58190d9
  specs:
    cassandra_datum (0.0.6)
      active_attr
      activemodel (>= 2.3.5)
      activerecord (>= 2.3.5)
      activesupport (>= 2.3.5)
      cassandra
      exception_helper

GIT
  remote: git@github.com:backupify/exception_helper.git
  revision: 212f60e91903da7cf7c30a61d98a2076eaa9412a
  specs:
    exception_helper (0.1.1)
      activesupport (>= 2.3.5)

GEM
  remote: http://rubygems.org/
  specs:
    active_attr (0.6.0)
      activemodel (>= 3.0.2, < 4.1)
      activesupport (>= 3.0.2, < 4.1)
    activemodel (3.2.8)
      activesupport (= 3.2.8)
      builder (~> 3.0.0)
    activerecord (3.2.8)
      activemodel (= 3.2.8)
      activesupport (= 3.2.8)
      arel (~> 3.0.2)
      tzinfo (~> 0.3.29)
    activesupport (3.2.8)
      i18n (~> 0.6)
      multi_json (~> 1.0)
    arel (3.0.2)
    builder (3.0.4)
    cassandra (0.16.0)
      json
      rake
      simple_uuid (~> 0.2.0)
      thrift_client (>= 0.7.0, < 0.9)
    excon (0.16.7)
    factory_girl (4.1.0)
      activesupport (>= 3.0.0)
    fog (1.6.0)
      builder
      excon (~> 0.14)
      formatador (~> 0.2.0)
      mime-types
      multi_json (~> 1.0)
      net-scp (~> 1.0.4)
      net-ssh (>= 2.1.3)
      nokogiri (~> 1.5.0)
      ruby-hmac
    formatador (0.2.3)
    git (1.2.5)
    i18n (0.6.1)
    jeweler (1.8.4)
      bundler (~> 1.0)
      git (>= 1.2.5)
      rake
      rdoc
    json (1.7.5)
    log4r (1.1.10)
    metaclass (0.0.1)
    mime-types (1.19)
    mocha (0.12.3)
      metaclass (~> 0.0.1)
    multi_json (1.3.6)
    net-scp (1.0.4)
      net-ssh (>= 1.99.1)
    net-ssh (2.6.1)
    nokogiri (1.5.5)
    rake (0.9.2.2)
    rdoc (3.12)
      json (~> 1.4)
    ruby-hmac (0.4.0)
    shoulda (3.1.1)
      shoulda-context (~> 1.0)
      shoulda-matchers (~> 1.2)
    shoulda-context (1.0.0)
    shoulda-matchers (1.3.0)
      activesupport (>= 3.0.0)
    simple_uuid (0.2.0)
    test-unit (2.5.2)
    thrift (0.8.0)
    thrift_client (0.8.2)
      thrift (~> 0.8.0)
    tzinfo (0.3.33)

PLATFORMS
  ruby

DEPENDENCIES
  active_attr
  activerecord
  activesupport
  bundler
  cassandra_datum!
  exception_helper!
  excon
  factory_girl
  filter_io!
  fog
  jeweler
  log4r
  mocha
  rdoc
  shoulda
  test-unit
